GEM
  remote: https://rubygems.org/
  specs:
    activesupport (6.1.4.7)
      concurrent-ruby (~> 1.0, >= 1.0.2)
      i18n (>= 1.6, < 2)
      minitest (>= 5.1)
      tzinfo (~> 2.0)
      zeitwerk (~> 2.3)
    addressable (2.8.5)
      public_suffix (>= 2.0.2, < 6.0)
    ast (2.4.2)
    base64 (0.2.0)
    brakeman (5.2.1)
    code_analyzer (0.5.5)
      sexp_processor
    concurrent-ruby (1.1.9)
    erubis (2.7.0)
    faraday (2.7.12)
      base64
      faraday-net_http (>= 2.0, < 3.1)
      ruby2_keywords (>= 0.0.4)
    faraday-net_http (3.0.2)
    ffi (1.15.5)
    flay (2.12.1)
      erubis (~> 2.7.0)
      path_expander (~> 1.0)
      ruby_parser (~> 3.0)
      sexp_processor (~> 4.0)
    gitlab (4.19.0)
      httparty (~> 0.20)
      terminal-table (>= 1.5.1)
    httparty (0.21.0)
      mini_mime (>= 1.0.0)
      multi_xml (>= 0.5.2)
    i18n (1.10.0)
      concurrent-ruby (~> 1.0)
    json (2.6.1)
    kwalify (0.7.2)
    language_server-protocol (3.17.0.3)
    mini_mime (1.1.5)
    minitest (5.15.0)
    multi_xml (0.6.0)
    octokit (4.25.1)
      faraday (>= 1, < 3)
      sawyer (~> 0.9)
    parallel (1.23.0)
    parser (3.2.2.4)
      ast (~> 2.4.1)
      racc
    path_expander (1.1.0)
    pronto (0.11.2)
      gitlab (>= 4.4.0, < 5.0)
      httparty (>= 0.13.7, < 1.0)
      octokit (>= 4.7.0, < 8.0)
      rainbow (>= 2.2, < 4.0)
      rexml (>= 3.2.5, < 4.0)
      rugged (>= 0.23.0, < 2.0)
      thor (>= 0.20.3, < 2.0)
    pronto-brakeman (0.11.1)
      brakeman (>= 3.2.0)
      pronto (~> 0.11.0)
    pronto-flay (0.11.1)
      flay (~> 2.8)
      pronto (~> 0.11.0)
    pronto-rails_best_practices (0.11.0)
      pronto (~> 0.11.0)
      rails_best_practices (~> 1.16, >= 1.15.0)
    pronto-rails_schema (0.11.0)
      pronto (>= 0.10, < 0.12)
    pronto-reek (0.11.1)
      pronto (~> 0.11.0)
      reek (>= 4.2, < 7.0)
    pronto-rubocop (0.11.1)
      pronto (~> 0.11.0)
      rubocop (>= 0.63.1, < 2.0)
    pronto-scss (0.11.0)
      pronto (~> 0.11.0)
      scss_lint (~> 0.43, >= 0.43.0)
    public_suffix (5.0.4)
    racc (1.7.3)
    rails_best_practices (1.23.1)
      activesupport
      code_analyzer (~> 0.5.5)
      erubis
      i18n
      json
      require_all (~> 3.0)
      ruby-progressbar
    rainbow (3.1.1)
    rb-fsevent (0.11.1)
    rb-inotify (0.10.1)
      ffi (~> 1.0)
    reek (6.1.4)
      kwalify (~> 0.7.0)
      parser (~> 3.2.0)
      rainbow (>= 2.0, < 4.0)
    regexp_parser (2.8.3)
    require_all (3.0.0)
    rexml (3.2.6)
    rubocop (1.58.0)
      json (~> 2.3)
      language_server-protocol (>= 3.17.0)
      parallel (~> 1.10)
      parser (>= 3.2.2.4)
      rainbow (>= 2.2.2, < 4.0)
      regexp_parser (>= 1.8, < 3.0)
      rexml (>= 3.2.5, < 4.0)
      rubocop-ast (>= 1.30.0, < 2.0)
      ruby-progressbar (~> 1.7)
      unicode-display_width (>= 2.4.0, < 3.0)
    rubocop-ast (1.30.0)
      parser (>= 3.2.1.0)
    ruby-progressbar (1.13.0)
    ruby2_keywords (0.0.5)
    ruby_parser (3.18.1)
      sexp_processor (~> 4.16)
    rugged (1.7.1)
    sass (3.7.4)
      sass-listen (~> 4.0.0)
    sass-listen (4.0.0)
      rb-fsevent (~> 0.9, >= 0.9.4)
      rb-inotify (~> 0.9, >= 0.9.7)
    sawyer (0.9.2)
      addressable (>= 2.3.5)
      faraday (>= 0.17.3, < 3)
    scss_lint (0.59.0)
      sass (~> 3.5, >= 3.5.5)
    sexp_processor (4.16.0)
    terminal-table (3.0.2)
      unicode-display_width (>= 1.1.1, < 3)
    thor (1.3.0)
    tzinfo (2.0.4)
      concurrent-ruby (~> 1.0)
    unicode-display_width (2.5.0)
    zeitwerk (2.5.4)

PLATFORMS
  aarch64-linux

DEPENDENCIES
  pronto
  pronto-brakeman
  pronto-flay
  pronto-rails_best_practices
  pronto-rails_schema
  pronto-reek
  pronto-rubocop
  pronto-scss
  reek
  rubocop

BUNDLED WITH
   2.4.22
